PATH
  remote: .
  specs:
    total_compressor (0.1.7)
      awesome_print (~> 1.1, >= 1.1.0)
      rubyzip (~> 1.2, >= 1.2.2)

GEM
  remote: https://rubygems.org/
  specs:
    awesome_print (1.1.0)
    diff-lcs (1.2.5)
    rake (0.9.6)
    rspec (2.14.1)
      rspec-core (~> 2.14.0)
      rspec-expectations (~> 2.14.0)
      rspec-mocks (~> 2.14.0)
    rspec-core (2.14.7)
    rspec-expectations (2.14.4)
      diff-lcs (>= 1.1.3, < 2.0)
    rspec-mocks (2.14.4)
    rubyzip (1.3.0)

PLATFORMS
  ruby

DEPENDENCIES
  awesome_print
  bundler (~> 1.3)
  rake (~> 0)
  rspec (>= 2.14)
  rubyzip (>= 1.2.2)
  total_compressor!

BUNDLED WITH
   1.16.4
